GEM
  remote: https://rubygems.org/
  specs:
    asciidoctor (2.0.16)
    asciidoctor-html5s (0.5.1)
      asciidoctor (>= 1.5.7, < 3.0)
      thread_safe (~> 0.3.4)
    thread_safe (0.3.6)

PLATFORMS
  x64-mingw32

DEPENDENCIES
  asciidoctor
  asciidoctor-html5s

BUNDLED WITH
   2.2.22
