GEM
  remote: https://rubygems.org/
  specs:
    asciidoctor (2.0.15)
    asciidoctor-html5s (0.5.0)
      asciidoctor (>= 1.5.7, < 3.0)
      thread_safe (~> 0.3.4)
    thread_safe (0.3.6)

PLATFORMS
  x64-mingw32
  x86_64-linux

DEPENDENCIES
  asciidoctor
  asciidoctor-html5s

BUNDLED WITH
   2.1.4
