GEM
  remote: https://rubygems.org/
  specs:
    asciidoctor (2.0.16)
    asciidoctor-html5s (0.5.1)
      asciidoctor (>= 1.5.7, < 3.0)
      thread_safe (~> 0.3.4)
    asciidoctor-rouge (0.4.0)
      asciidoctor (>= 1.5.6, < 2.1)
      rouge (>= 2.2, < 4)
    rouge (3.26.0)
    thread_safe (0.3.6)

PLATFORMS
  x64-mingw32
  x86_64-linux

DEPENDENCIES
  asciidoctor
  asciidoctor-html5s
  asciidoctor-rouge

BUNDLED WITH
   2.2.22
